{
	"Manufacturer": "Siemens",
	"ManufacturersModelName": "TrioTim",
	"AcquisitionNumber": 1,
	"InstitutionName": "UZ_Gent",
	"InstitutionAddress": "De_Pintelaan_185_Gent_9C4B6E_District_BE_9000",
	"DeviceSerialNumber": "35353",
	"SoftwareVersions": "syngo_MR_B17",
	"ProcedureStepDescription": "MR_hersenen_(structuur_alleen)",
	"ScanningSequence": "GR_IR",
	"SequenceVariant": "SP_MP",
	"SeriesDescription": "T1_mprage",
	"BodyPartExamined": "HEAD",
	"ProtocolName": "T1_mprage",
	"SequenceName": "_tfl3d1_ns",
	"ImageType": ["ORIGINAL", "PRIMARY", "M", "ND", "NORM"],
	"AcquisitionTime": "12:37:5.192500",
	"MagneticFieldStrength": 3,
	"FlipAngle": 9,
	"EchoTime": 0.00418,
	"RepetitionTime": 2.25,
	"InversionTime": 0.9,
	"PhaseEncodingLines": 256,
	"AccelFactPE": 2,
	"PhaseEncodingDirection": "i-",
	"ConversionSoftware": "dcm2niix",
	"ConversionSoftwareVersion": "v1.0.20170724 (OpenJPEG build) GCC6.1.0"
}
