{
    "AccelFactPE": 2, 
    "AcquisitionNumber": 1, 
    "AcquisitionTime": "10:27:30.420000", 
    "BandwidthPerPixelPhaseEncode": 52.083, 
    "BodyPartExamined": "HEAD", 
    "ConversionSoftware": "dcm2niix", 
    "ConversionSoftwareVersion": "v1.0.20170724 (OpenJPEG build) GCC6.1.0", 
    "DeviceSerialNumber": "35353", 
    "EchoTime": 0.025, 
    "EffectiveEchoSpacing": 0.000300002, 
    "FlipAngle": 90, 
    "ImageType": [
        "ORIGINAL", 
        "PRIMARY", 
        "M", 
        "ND", 
        "NORM", 
        "MOSAIC"
    ], 
    "InstitutionAddress": "De_Pintelaan_185_Gent_9C4B6E_District_BE_9000", 
    "InstitutionName": "UZ_Gent", 
    "MagneticFieldStrength": 3, 
    "Manufacturer": "Siemens", 
    "ManufacturersModelName": "TrioTim", 
    "PhaseEncodingDirection": "j-", 
    "PhaseEncodingLines": 64, 
    "ProcedureStepDescription": "MR_hersenen_(structuur_alleen)", 
    "ProtocolName": "epi_TASK", 
    "RepetitionTime": 2, 
    "ScanningSequence": "EP", 
    "SequenceName": "_epfid2d1_64", 
    "SequenceVariant": "SK_OSP", 
    "SeriesDescription": "epi_TASK", 
    "SliceTiming": [
        0.9675, 
        1.935, 
        0.9175, 
        1.885, 
        0.865, 
        1.835, 
        0.815, 
        1.7825, 
        0.765, 
        1.7325, 
        0.7125, 
        1.6825, 
        0.6625, 
        1.63, 
        0.61, 
        1.58, 
        0.56, 
        1.5275, 
        0.51, 
        1.4775, 
        0.4575, 
        1.4275, 
        0.4075, 
        1.375, 
        0.3575, 
        1.325, 
        0.305, 
        1.2725, 
        0.255, 
        1.2225, 
        0.2025, 
        1.1725, 
        0.1525, 
        1.12, 
        0.1025, 
        1.07, 
        0.05, 
        1.02, 
        0
    ], 
    "SoftwareVersions": "syngo_MR_B17", 
    "TaskName": "cueexposure", 
    "TotalReadoutTime": 0.0231001, 
    "TrueEchoSpacing": 0.000600004
}