{
    "AcquisitionNumber": 1, 
    "AcquisitionTime": "13:40:17.207500", 
    "BodyPartExamined": "HEAD", 
    "ConversionSoftware": "dcm2niix", 
    "ConversionSoftwareVersion": "v1.0.20170724 (OpenJPEG build) GCC6.1.0", 
    "DeviceSerialNumber": "35353", 
    "EchoNumber": 2, 
    "EchoTime1": 0.00519, 
    "EchoTime2": 0.00765, 
    "FlipAngle": 60, 
    "ImageType": [
        "ORIGINAL", 
        "PRIMARY", 
        "P", 
        "ND"
    ], 
    "InstitutionAddress": "De_Pintelaan_185_Gent_9C4B6E_District_BE_9000", 
    "InstitutionName": "UZ_Gent", 
    "MagneticFieldStrength": 3, 
    "Manufacturer": "Siemens", 
    "ManufacturersModelName": "TrioTim", 
    "PhaseEncodingDirection": "j-", 
    "PhaseEncodingLines": 64, 
    "ProcedureStepDescription": "MR_hersenen_(structuur_alleen)", 
    "ProtocolName": "fieldmap", 
    "RepetitionTime": 0.488, 
    "ScanningSequence": "GR", 
    "SequenceName": "_fm2d2r", 
    "SequenceVariant": "SP", 
    "SeriesDescription": "fieldmap", 
    "SoftwareVersions": "syngo_MR_B17"
}