{
	"Manufacturer": "Siemens",
	"ManufacturersModelName": "TrioTim",
	"AcquisitionNumber": 1,
	"InstitutionName": "UZ_Gent",
	"InstitutionAddress": "De_Pintelaan_185_Gent_9C4B6E_District_BE_9000",
	"DeviceSerialNumber": "35353",
	"SoftwareVersions": "syngo_MR_B17",
	"ProcedureStepDescription": "MR_hersenen_(structuur_alleen)",
	"ScanningSequence": "GR",
	"SequenceVariant": "SP",
	"SeriesDescription": "localizer",
	"BodyPartExamined": "HEAD",
	"ProtocolName": "localizer",
	"SequenceName": "_fl2d1",
	"ImageType": ["ORIGINAL", "PRIMARY", "M", "ND", "NORM"],
	"AcquisitionTime": "12:17:37.765000",
	"MagneticFieldStrength": 3,
	"FlipAngle": 40,
	"EchoTime": 0.005,
	"RepetitionTime": 0.02,
	"PhaseEncodingLines": 128,
	"PhaseEncodingDirection": "j-",
	"ConversionSoftware": "dcm2niix",
	"ConversionSoftwareVersion": "v1.0.20170724 (OpenJPEG build) GCC6.1.0"
}
